PATH
  remote: .
  specs:
    google-protobuf (3.0.0.alpha.3.1.pre)

GEM
  remote: https://rubygems.org/
  specs:
    power_assert (0.2.3)
    rake (10.4.2)
    rake-compiler (0.9.5)
      rake
    rubygems-tasks (0.2.4)
    test-unit (3.1.2)
      power_assert

PLATFORMS
  ruby

DEPENDENCIES
  google-protobuf!
  rake-compiler
  rubygems-tasks
  test-unit

BUNDLED WITH
   1.10.3
